GEM
  remote: https://rubygems.org/
  specs:
    ast (2.4.2)
    coderay (1.1.3)
    colorize (0.8.1)
    concurrent-ruby (1.1.8)
    diff-lcs (1.4.4)
    docile (1.3.5)
    fasterer (0.9.0)
      colorize (~> 0.7)
      ruby_parser (>= 3.14.1)
    i18n (1.8.9)
      concurrent-ruby (~> 1.0)
    imagen (0.1.8)
      parser (>= 2.5, != 2.5.1.1)
    method_source (1.0.0)
    parallel (1.20.1)
    parser (3.0.0.0)
      ast (~> 2.4.1)
    pry (0.14.0)
      coderay (~> 1.1)
      method_source (~> 1.0)
    rainbow (3.0.0)
    regexp_parser (2.1.1)
    rexml (3.2.4)
    rspec (3.10.0)
      rspec-core (~> 3.10.0)
      rspec-expectations (~> 3.10.0)
      rspec-mocks (~> 3.10.0)
    rspec-core (3.10.1)
      rspec-support (~> 3.10.0)
    rspec-expectations (3.10.1)
      diff-lcs (>= 1.2.0, < 2.0)
      rspec-support (~> 3.10.0)
    rspec-mocks (3.10.2)
      diff-lcs (>= 1.2.0, < 2.0)
      rspec-support (~> 3.10.0)
    rspec-support (3.10.2)
    rubocop (1.11.0)
      parallel (~> 1.10)
      parser (>= 3.0.0.0)
      rainbow (>= 2.2.2, < 4.0)
      regexp_parser (>= 1.8, < 3.0)
      rexml
      rubocop-ast (>= 1.2.0, < 2.0)
      ruby-progressbar (~> 1.7)
      unicode-display_width (>= 1.4.0, < 3.0)
    rubocop-ast (1.4.1)
      parser (>= 2.7.1.5)
    rubocop-rspec (2.2.0)
      rubocop (~> 1.0)
      rubocop-ast (>= 1.1.0)
    ruby-progressbar (1.11.0)
    ruby_parser (3.15.1)
      sexp_processor (~> 4.9)
    rugged (1.1.0)
    sexp_processor (4.15.2)
    simplecov (0.21.2)
      docile (~> 1.1)
      simplecov-html (~> 0.11)
      simplecov_json_formatter (~> 0.1)
    simplecov-html (0.12.3)
    simplecov-lcov (0.8.0)
    simplecov_json_formatter (0.1.2)
    undercover (0.4.0)
      imagen (>= 0.1.8)
      rainbow (>= 2.1, < 4.0)
      rugged (>= 0.27, < 1.2)
    unicode-display_width (2.0.0)

PLATFORMS
  x64-mingw32
  x86_64-linux

DEPENDENCIES
  fasterer (~> 0.9.0)
  i18n
  pry (~> 0.14.0)
  rspec (~> 3.10)
  rubocop (~> 1.10)
  rubocop-rspec (~> 2.2)
  simplecov (~> 0.21.2)
  simplecov-lcov (~> 0.8.0)
  undercover (~> 0.4.0)

BUNDLED WITH
   2.2.14
